GEM
  remote: https://rubygems.org/
  specs:
    passenger (5.0.1)
      rack
      rake (>= 0.8.1)
    rack (1.5.2)
    rails_12factor (0.0.3)
      rails_serve_static_assets
      rails_stdout_logging
    rails_serve_static_assets (0.0.4)
    rails_stdout_logging (0.0.3)
    rake (10.4.2)
    sinatra (1.1.0)
      rack (~> 1.1)
      tilt (~> 1.1)
    tilt (1.4.1)

PLATFORMS
  ruby

DEPENDENCIES
  passenger (>= 5.0)
  rails_12factor
  sinatra (= 1.1.0)
